GEM
  remote: https://rubygems.org/
  specs:
    dotenv (0.9.0)
    foreman (0.63.0)
      dotenv (>= 0.7)
      thor (>= 0.13.6)
    hitimes (1.2.2)
    httparty (0.13.1)
      json (~> 1.8)
      multi_xml (>= 0.5.2)
    json (1.8.1)
    multi_xml (0.5.5)
    thor (0.19.1)
    timers (4.0.0)
      hitimes

PLATFORMS
  ruby

DEPENDENCIES
  foreman
  httparty
  timers
